GIT
  remote: git://github.com/allansideas/playhouse-sinatra.git
  revision: 7e119e6b3a3908694c8fc52b18e1ca84cc250347
  specs:
    playhouse-sinatra (0.1.0)
      playhouse
      sinatra
      thin

GIT
  remote: git://github.com/enspiral/playhouse.git
  revision: b4f44873ce4b6f2451c715cfd63f1bd1587353e6
  specs:
    playhouse (0.1.0)
      activerecord
      activesupport
      rake

GEM
  remote: http://rubygems.org/
  specs:
    activemodel (4.0.2)
      activesupport (= 4.0.2)
      builder (~> 3.1.0)
    activerecord (4.0.2)
      activemodel (= 4.0.2)
      activerecord-deprecated_finders (~> 1.0.2)
      activesupport (= 4.0.2)
      arel (~> 4.0.0)
    activerecord-deprecated_finders (1.0.3)
    activesupport (4.0.2)
      i18n (~> 0.6, >= 0.6.4)
      minitest (~> 4.2)
      multi_json (~> 1.3)
      thread_safe (~> 0.1)
      tzinfo (~> 0.3.37)
    arel (4.0.1)
    atomic (1.1.14)
    builder (3.1.4)
    daemons (1.1.9)
    eventmachine (1.0.3)
    i18n (0.6.9)
    mail (2.5.4)
      mime-types (~> 1.16)
      treetop (~> 1.4.8)
    mime-types (1.25.1)
    minitest (4.7.5)
    multi_json (1.8.2)
    polyglot (0.3.3)
    rack (1.5.2)
    rack-cors (0.2.9)
    rack-protection (1.5.1)
      rack
    rake (10.1.1)
    shotgun (0.9)
      rack (>= 1.0)
    sinatra (1.4.4)
      rack (~> 1.4)
      rack-protection (~> 1.4)
      tilt (~> 1.3, >= 1.3.4)
    sqlite3 (1.3.8)
    thin (1.6.1)
      daemons (>= 1.0.9)
      eventmachine (>= 1.0.0)
      rack (>= 1.0.0)
    thread_safe (0.1.3)
      atomic
    tilt (1.4.1)
    treetop (1.4.15)
      polyglot
      polyglot (>= 0.3.1)
    tzinfo (0.3.38)

PLATFORMS
  ruby

DEPENDENCIES
  activerecord (~> 4.0.1)
  mail
  playhouse!
  playhouse-sinatra!
  rack-cors
  rake
  shotgun
  sqlite3
